GEM
  remote: https://rubygems.org/
  specs:
    dotenv (0.7.0)
    foreman (0.67.0)
      dotenv (~> 0.7.0)
      thor (~> 0.17.0)
    mina (0.3.0)
      open4
      rake
    open4 (1.3.3)
    rake (10.3.1)
    thor (0.17.0)

PLATFORMS
  ruby

DEPENDENCIES
  foreman
  mina
